PATH
  remote: .
  specs:
    http_stub_docker (0.2.0.beta2)
      http_stub (>= 0.27)
      rake (>= 12.3)

GEM
  remote: https://rubygems.org/
  specs:
    activesupport (5.2.3)
      concurrent-ruby (~> 1.0, >= 1.0.2)
      i18n (>= 0.7, < 2)
      minitest (~> 5.1)
      tzinfo (~> 1.1)
    addressable (2.6.0)
      public_suffix (>= 2.0.2, < 4.0)
    ast (2.4.0)
    backports (3.15.0)
    concurrent-ruby (1.1.5)
    diff-lcs (1.3)
    ffi (1.11.1)
    haml (5.1.1)
      temple (>= 0.8.0)
      tilt
    http_server_manager (0.5.1)
      rake (>= 12.3)
      sys-proctree (~> 0.0)
      wait_until (~> 0.3)
    http_stub (0.28.0)
      activesupport (~> 5.2)
      haml (~> 5.1)
      http_server_manager (~> 0.5)
      json-schema (~> 2.8)
      method_source (~> 0.9)
      rake (>= 12.3)
      sass (~> 3.7)
      sinatra (= 2.0.4)
      sinatra-contrib (~> 2.0)
      sinatra-partial (~> 1.0)
    i18n (1.6.0)
      concurrent-ruby (~> 1.0)
    jaro_winkler (1.5.3)
    json (2.2.0)
    json-schema (2.8.1)
      addressable (>= 2.4)
    method_source (0.9.2)
    minitest (5.11.3)
    multi_json (1.13.1)
    mustermann (1.0.3)
    parallel (1.17.0)
    parser (2.6.3.0)
      ast (~> 2.4.0)
    public_suffix (3.1.1)
    rack (2.0.7)
    rack-protection (2.0.4)
      rack
    rainbow (3.0.0)
    rake (13.0.1)
    rb-fsevent (0.10.3)
    rb-inotify (0.10.0)
      ffi (~> 1.0)
    rspec (3.8.0)
      rspec-core (~> 3.8.0)
      rspec-expectations (~> 3.8.0)
      rspec-mocks (~> 3.8.0)
    rspec-core (3.8.1)
      rspec-support (~> 3.8.0)
    rspec-expectations (3.8.4)
      diff-lcs (>= 1.2.0, < 2.0)
      rspec-support (~> 3.8.0)
    rspec-mocks (3.8.1)
      diff-lcs (>= 1.2.0, < 2.0)
      rspec-support (~> 3.8.0)
    rspec-support (3.8.2)
    rubocop (0.72.0)
      jaro_winkler (~> 1.5.1)
      parallel (~> 1.10)
      parser (>= 2.6)
      rainbow (>= 2.2.2, < 4.0)
      ruby-progressbar (~> 1.7)
      unicode-display_width (>= 1.4.0, < 1.7)
    ruby-progressbar (1.10.1)
    sass (3.7.4)
      sass-listen (~> 4.0.0)
    sass-listen (4.0.0)
      rb-fsevent (~> 0.9, >= 0.9.4)
      rb-inotify (~> 0.9, >= 0.9.7)
    sinatra (2.0.4)
      mustermann (~> 1.0)
      rack (~> 2.0)
      rack-protection (= 2.0.4)
      tilt (~> 2.0)
    sinatra-contrib (2.0.4)
      activesupport (>= 4.0.0)
      backports (>= 2.8.2)
      multi_json
      mustermann (~> 1.0)
      rack-protection (= 2.0.4)
      sinatra (= 2.0.4)
      tilt (>= 1.3, < 3)
    sinatra-partial (1.0.1)
      sinatra (>= 1.4)
    sys-proctable (1.2.1)
      ffi
    sys-proctree (0.0.11)
      sys-proctable (~> 1.2)
    temple (0.8.1)
    thread_safe (0.3.6)
    tilt (2.0.9)
    travis-lint (2.0.0)
      json
    tzinfo (1.2.5)
      thread_safe (~> 0.1)
    unicode-display_width (1.6.0)
    wait_until (0.3.1)

PLATFORMS
  ruby

DEPENDENCIES
  http_stub_docker!
  rspec (~> 3.8)
  rubocop (~> 0.72)
  travis-lint (~> 2.0)
  wait_until (~> 0.3)

BUNDLED WITH
   2.0.2
