PATH
  remote: .
  specs:
    http_stub_docker (0.2.0.beta1)
      http_stub (= 0.28.0.beta1)
      rake (>= 10.4)

GEM
  remote: https://rubygems.org/
  specs:
    activesupport (5.1.4)
      concurrent-ruby (~> 1.0, >= 1.0.2)
      i18n (~> 0.7)
      minitest (~> 5.1)
      tzinfo (~> 1.1)
    addressable (2.5.2)
      public_suffix (>= 2.0.2, < 4.0)
    ast (2.3.0)
    backports (3.10.3)
    concurrent-ruby (1.0.5)
    diff-lcs (1.3)
    ffi (1.9.18)
    haml (5.0.4)
      temple (>= 0.8.0)
      tilt
    http_server_manager (0.5.0)
      rake (>= 10.4)
      sys-proctree (~> 0.0)
      wait_until (~> 0.3)
    http_stub (0.28.0.beta1)
      activesupport (~> 5.1)
      haml (~> 5.0)
      http_server_manager (~> 0.5)
      json-schema (~> 2.8)
      method_source (~> 0.9)
      rake (>= 10.4)
      sass (~> 3.5)
      sinatra (~> 1.4)
      sinatra-contrib (~> 1.4)
      sinatra-partial (~> 1.0)
    i18n (0.9.1)
      concurrent-ruby (~> 1.0)
    json (2.1.0)
    json-schema (2.8.0)
      addressable (>= 2.4)
    method_source (0.9.0)
    minitest (5.10.3)
    multi_json (1.12.2)
    parallel (1.12.0)
    parser (2.4.0.2)
      ast (~> 2.3)
    powerpack (0.1.1)
    public_suffix (3.0.1)
    rack (1.6.8)
    rack-protection (1.5.3)
      rack
    rack-test (0.8.2)
      rack (>= 1.0, < 3)
    rainbow (2.2.2)
      rake
    rake (12.3.0)
    rb-fsevent (0.10.2)
    rb-inotify (0.9.10)
      ffi (>= 0.5.0, < 2)
    rspec (3.7.0)
      rspec-core (~> 3.7.0)
      rspec-expectations (~> 3.7.0)
      rspec-mocks (~> 3.7.0)
    rspec-core (3.7.0)
      rspec-support (~> 3.7.0)
    rspec-expectations (3.7.0)
      diff-lcs (>= 1.2.0, < 2.0)
      rspec-support (~> 3.7.0)
    rspec-mocks (3.7.0)
      diff-lcs (>= 1.2.0, < 2.0)
      rspec-support (~> 3.7.0)
    rspec-support (3.7.0)
    rubocop (0.51.0)
      parallel (~> 1.10)
      parser (>= 2.3.3.1, < 3.0)
      powerpack (~> 0.1)
      rainbow (>= 2.2.2, < 3.0)
      ruby-progressbar (~> 1.7)
      unicode-display_width (~> 1.0, >= 1.0.1)
    ruby-progressbar (1.9.0)
    sass (3.5.3)
      sass-listen (~> 4.0.0)
    sass-listen (4.0.0)
      rb-fsevent (~> 0.9, >= 0.9.4)
      rb-inotify (~> 0.9, >= 0.9.7)
    sinatra (1.4.8)
      rack (~> 1.5)
      rack-protection (~> 1.4)
      tilt (>= 1.3, < 3)
    sinatra-contrib (1.4.7)
      backports (>= 2.0)
      multi_json
      rack-protection
      rack-test
      sinatra (~> 1.4.0)
      tilt (>= 1.3, < 3)
    sinatra-partial (1.0.1)
      sinatra (>= 1.4)
    sys-proctable (1.0.0-universal-aix5)
    sys-proctree (0.0.10)
      sys-proctable (= 1.0.0)
    temple (0.8.0)
    thread_safe (0.3.6)
    tilt (2.0.8)
    travis-lint (2.0.0)
      json
    tzinfo (1.2.4)
      thread_safe (~> 0.1)
    unicode-display_width (1.3.0)
    wait_until (0.3.0)

PLATFORMS
  ruby

DEPENDENCIES
  http_stub_docker!
  rspec (~> 3.7)
  rubocop (~> 0.51)
  travis-lint (~> 2.0)
  wait_until (~> 0.3)

BUNDLED WITH
   1.16.0
