PATH
  remote: .
  specs:
    http_stub_docker (0.0.1)
      http_stub (~> 0.25)
      rake (>= 10.4)

GEM
  remote: http://rubygems.org/
  specs:
    activesupport (4.2.7.1)
      i18n (~> 0.7)
      json (~> 1.7, >= 1.7.7)
      minitest (~> 5.1)
      thread_safe (~> 0.3, >= 0.3.4)
      tzinfo (~> 1.1)
    addressable (2.3.8)
    ast (2.3.0)
    haml (4.0.7)
      tilt
    http_server_manager (0.4.15)
      rake (>= 10.4)
      sys-proctree (~> 0.0)
      wait_until (~> 0.3)
    http_stub (0.25.1)
      activesupport (~> 4.2)
      haml (~> 4.0)
      http_server_manager (~> 0.4)
      json-schema (~> 2.6)
      multipart-post (~> 2.0)
      rake (>= 10.4)
      sass (~> 3.4)
      sinatra (~> 1.4)
      sinatra-partial (~> 1.0)
    i18n (0.7.0)
    json (1.8.3)
    json-schema (2.6.2)
      addressable (~> 2.3.8)
    minitest (5.9.0)
    multipart-post (2.0.0)
    parser (2.3.1.2)
      ast (~> 2.2)
    powerpack (0.1.1)
    rack (1.6.4)
    rack-protection (1.5.3)
      rack
    rainbow (2.1.0)
    rake (11.2.2)
    rubocop (0.42.0)
      parser (>= 2.3.1.1, < 3.0)
      powerpack (~> 0.1)
      rainbow (>= 1.99.1, < 3.0)
      ruby-progressbar (~> 1.7)
      unicode-display_width (~> 1.0, >= 1.0.1)
    ruby-progressbar (1.8.1)
    sass (3.4.22)
    sinatra (1.4.7)
      rack (~> 1.5)
      rack-protection (~> 1.4)
      tilt (>= 1.3, < 3)
    sinatra-partial (1.0.0)
      sinatra (~> 1.4)
    sys-proctable (1.0.0)
    sys-proctree (0.0.10)
      sys-proctable (= 1.0.0)
    thread_safe (0.3.5)
    tilt (2.0.5)
    travis-lint (2.0.0)
      json
    tzinfo (1.2.2)
      thread_safe (~> 0.1)
    unicode-display_width (1.1.0)
    wait_until (0.3.0)

PLATFORMS
  ruby

DEPENDENCIES
  http_stub_docker!
  rubocop (~> 0.42)
  travis-lint (~> 2.0)
  wait_until (~> 0.3)

BUNDLED WITH
   1.12.5
